GEM
  remote: https://rubygems.org/
  specs:
    bezier (0.0.2)
      chunky_png (~> 1.3.1)
    byebug (11.1.3)
    chunky_png (1.3.10)
    diff-lcs (1.4.4)
    gosu (1.2.0)
    priority_queue_cxx (0.3.4)
    rbtree (0.4.4)
    rspec (3.10.0)
      rspec-core (~> 3.10.0)
      rspec-expectations (~> 3.10.0)
      rspec-mocks (~> 3.10.0)
    rspec-core (3.10.1)
      rspec-support (~> 3.10.0)
    rspec-expectations (3.10.1)
      diff-lcs (>= 1.2.0, < 2.0)
      rspec-support (~> 3.10.0)
    rspec-mocks (3.10.2)
      diff-lcs (>= 1.2.0, < 2.0)
      rspec-support (~> 3.10.0)
    rspec-support (3.10.2)
    ruby-prof (0.16.2)
    set (1.0.2)
    sorted_set (1.0.3)
      rbtree
      set (~> 1.0)

PLATFORMS
  ruby

DEPENDENCIES
  bezier (~> 0.0.2)
  byebug (~> 11.1, >= 11.1.3)
  gosu (~> 1.2)
  priority_queue_cxx (~> 0.3.4)
  rspec (~> 3.10)
  ruby-prof (~> 0.16.2)
  sorted_set (~> 1.0, >= 1.0.3)

BUNDLED WITH
   2.2.30
