GEM
  remote: https://rubygems.org/
  specs:
    ast (2.4.0)
    bezier (0.0.2)
      chunky_png (~> 1.3.1)
    byebug (9.1.0)
    chunky_png (1.3.10)
    coderay (1.1.2)
    method_source (0.8.2)
    parallel (1.12.1)
    parser (2.5.0.2)
      ast (~> 2.4.0)
    powerpack (0.1.1)
    priority_queue (0.2.0)
    pry (0.10.4)
      coderay (~> 1.1.0)
      method_source (~> 0.8.1)
      slop (~> 3.4)
    rainbow (3.0.0)
    rubocop (0.52.1)
      parallel (~> 1.10)
      parser (>= 2.4.0.2, < 3.0)
      powerpack (~> 0.1)
      rainbow (>= 2.2.2, < 4.0)
      ruby-progressbar (~> 1.7)
      unicode-display_width (~> 1.0, >= 1.0.1)
    ruby-prof (0.16.2)
    ruby-progressbar (1.9.0)
    slop (3.6.0)
    unicode-display_width (1.3.0)

PLATFORMS
  ruby

DEPENDENCIES
  bezier (~> 0.0.2)
  byebug (~> 9.0, >= 9.0.6)
  priority_queue
  pry (~> 0.10.4)
  rubocop (~> 0.52.1)
  ruby-prof (~> 0.16.2)

BUNDLED WITH
   1.16.0
