GEM
  remote: https://rubygems.org/
  specs:
    bezier (0.0.2)
      chunky_png (~> 1.3.1)
    chunky_png (1.3.10)
    gosu (0.13.3)
    priority_queue (0.2.0)
    ruby-prof (0.16.2)

PLATFORMS
  ruby

DEPENDENCIES
  bezier (~> 0.0.2)
  gosu (~> 0.13.3)
  priority_queue
  ruby-prof (~> 0.16.2)

BUNDLED WITH
   1.16.0
